GEM
  remote: https://rubygems.org/
  specs:
    eventmachine (1.0.3)
    eventmachine (1.0.3-java)
    graphos (0.3.7)

PLATFORMS
  java
  ruby

DEPENDENCIES
  eventmachine
  graphos
