GEM
  remote: https://rubygems.org/
  specs:
    graphos (0.3.5)

PLATFORMS
  java
  ruby

DEPENDENCIES
  graphos
